GEM
  remote: https://rubygems.org/
  specs:
    chronic (0.10.2)
    mustermann (1.0.3)
    rack (2.0.7)
    rack-protection (2.0.5)
      rack
    rake (12.3.2)
    sinatra (2.0.5)
      mustermann (~> 1.0)
      rack (~> 2.0)
      rack-protection (= 2.0.5)
      tilt (~> 2.0)
    tilt (2.0.9)
    whenever (0.11.0)
      chronic (>= 0.6.3)

PLATFORMS
  ruby

DEPENDENCIES
  rake
  sinatra
  whenever

BUNDLED WITH
   2.0.1
